PATH
  remote: .
  specs:
    guard (0.2.0.beta.1)
      bundler (~> 1.0.2)
      thor (~> 0.14.3)

GEM
  remote: http://rubygems.org/
  specs:
    diff-lcs (1.1.2)
    growl (1.0.3)
    guard-rspec (0.1.3)
      guard
    rb-fsevent (0.3.2)
    rspec (2.0.1)
      rspec-core (~> 2.0.1)
      rspec-expectations (~> 2.0.1)
      rspec-mocks (~> 2.0.1)
    rspec-core (2.0.1)
    rspec-expectations (2.0.1)
      diff-lcs (>= 1.1.2)
    rspec-mocks (2.0.1)
      rspec-core (~> 2.0.1)
      rspec-expectations (~> 2.0.1)
    thor (0.14.3)

PLATFORMS
  ruby

DEPENDENCIES
  bundler (~> 1.0.2)
  growl (~> 1.0.3)
  guard!
  guard-rspec (~> 0.1.3)
  rb-fsevent (>= 0.3.2)
  rspec (~> 2.0.1)
  thor (~> 0.14.3)
